GEM
  remote: https://rubygems.org/
  specs:
    geocoder (1.6.4)
    hanami-api (0.2.0)
      hanami-router (~> 2.0.alpha)
    hanami-router (2.0.0.alpha4)
      mustermann (~> 1.0)
      mustermann-contrib (~> 1.0)
      rack (~> 2.0)
    hansi (0.2.0)
    mustermann (1.1.1)
      ruby2_keywords (~> 0.0.1)
    mustermann-contrib (1.1.1)
      hansi (~> 0.2.0)
      mustermann (= 1.1.1)
    nio4r (2.5.4)
    oj (3.11.0)
    puma (5.1.1)
      nio4r (~> 2.0)
    rack (2.2.3)
    ruby2_keywords (0.0.4)

PLATFORMS
  ruby

DEPENDENCIES
  geocoder
  hanami-api
  oj
  puma

RUBY VERSION
   ruby 3.0.0p0

BUNDLED WITH
   2.2.3
